NUGET
  remote: https://www.nuget.org/api/v2
    ExtCore (0.8.45) - restriction: >= net45
    FSharp.TypeProviders.StarterPack (1.1.3.88)
    Unquote (3.1.1)
    Xamarin.Android.Support.v4 (23.1.1) - restriction: >= monoandroid6.0
    Xamarin.Android.Support.v7.AppCompat (23.1.1) - restriction: >= monoandroid6.0
      Xamarin.Android.Support.v4 (23.1.1)
    Xamarin.TestCloud.Agent (0.14.1) - restriction: >= xamarinios
GITHUB
  remote: fsprojects/FSharp.TypeProviders.StarterPack
    src/ProvidedTypes.fs (1dab4f94411500794342f61f877feab772e5a754)
    src/ProvidedTypes.fsi (1dab4f94411500794342f61f877feab772e5a754)